PATH
  remote: .
  specs:
    kue_ruby (0.4.0)
      redis (~> 4.0.0)

GEM
  remote: https://rubygems.org/
  specs:
    diff-lcs (1.3)
    rake (10.4.2)
    redis (4.0.0)
    rspec (3.6.0)
      rspec-core (~> 3.6.0)
      rspec-expectations (~> 3.6.0)
      rspec-mocks (~> 3.6.0)
    rspec-core (3.6.0)
      rspec-support (~> 3.6.0)
    rspec-expectations (3.6.0)
      diff-lcs (>= 1.2.0, < 2.0)
      rspec-support (~> 3.6.0)
    rspec-mocks (3.6.0)
      diff-lcs (>= 1.2.0, < 2.0)
      rspec-support (~> 3.6.0)
    rspec-support (3.6.0)

PLATFORMS
  ruby

DEPENDENCIES
  bundler (~> 1.13)
  kue_ruby!
  rake (~> 10.0)
  rspec (~> 3.0)

BUNDLED WITH
   1.15.0
